PATH
  remote: /Users/joelj/Projects/em-promise
  specs:
    em-promise (1.1.1)
      eventmachine (>= 1.0.0.beta.4)

GEM
  remote: http://www.rubygems.org/
  specs:
    addressable (2.3.4)
    awesome_print (1.1.0)
    byebug (1.1.1)
      columnize (~> 0.3.6)
      debugger-linecache (~> 1.2.0)
    columnize (0.3.6)
    cookiejar (0.3.0)
    debugger-linecache (1.2.0)
    em-http-promise (0.0.1)
      em-http-request
      em-promise (~> 1.1.1)
    em-http-request (1.0.3)
      addressable (>= 2.2.3)
      cookiejar
      em-socksify
      eventmachine (>= 1.0.0.beta.4)
      http_parser.rb (>= 0.5.3)
    em-socksify (0.2.1)
      eventmachine (>= 1.0.0.beta.4)
    eventmachine (1.0.3)
    http_parser.rb (0.5.3)
    rack (1.5.2)
    rack-protection (1.5.0)
      rack
    sinatra (1.4.2)
      rack (~> 1.5, >= 1.5.2)
      rack-protection (~> 1.4)
      tilt (~> 1.3, >= 1.3.4)
    tilt (1.4.1)

PLATFORMS
  ruby

DEPENDENCIES
  awesome_print
  byebug
  em-http-promise
  em-promise!
  sinatra
